GEM
  remote: https://rubygems.org/
  specs:
    mini_portile (0.5.2)
    nokogiri (1.6.1)
      mini_portile (~> 0.5.0)
    rack (1.5.2)
    rack-protection (1.5.2)
      rack
    rmagick (2.13.2)
    sinatra (1.4.4)
      rack (~> 1.4)
      rack-protection (~> 1.4)
      tilt (~> 1.3, >= 1.3.4)
    sqlite3 (1.3.8)
    streamio-ffmpeg (1.0.0)
    swf_ruby (0.2.3)
      bundler (>= 1.0.0.rc.5)
      rmagick (>= 2.13.0)
    tilt (1.4.1)

PLATFORMS
  ruby

DEPENDENCIES
  nokogiri
  sinatra
  sqlite3
  streamio-ffmpeg
  swf_ruby
